PATH
  remote: .
  specs:
    zerigo_dns (1.5.6)
      activeresource (~> 3.2.0)
      yard (~> 0.8.7.6)
      zerigo_dns

GEM
  remote: https://rubygems.org/
  specs:
    activemodel (3.2.21)
      activesupport (= 3.2.21)
      builder (~> 3.0.0)
    activeresource (3.2.21)
      activemodel (= 3.2.21)
      activesupport (= 3.2.21)
    activesupport (3.2.21)
      i18n (~> 0.6, >= 0.6.4)
      multi_json (~> 1.0)
    builder (3.0.4)
    i18n (0.7.0)
    multi_json (1.10.1)
    rake (10.3.2)
    thoughtbot-shoulda (2.11.1)
    yard (0.8.7.6)

PLATFORMS
  ruby

DEPENDENCIES
  rake
  thoughtbot-shoulda
  zerigo_dns!
