PATH
  remote: .
  specs:
    zerigo_dns (1.3.0)
      activeresource (>= 3.0)
      zerigo_dns

GEM
  remote: http://rubygems.org/
  specs:
    activemodel (3.1.0)
      activesupport (= 3.1.0)
      bcrypt-ruby (~> 3.0.0)
      builder (~> 3.0.0)
      i18n (~> 0.6)
    activeresource (3.1.0)
      activemodel (= 3.1.0)
      activesupport (= 3.1.0)
    activesupport (3.1.0)
      multi_json (~> 1.0)
    bcrypt-ruby (3.0.0)
    builder (3.0.0)
    diff-lcs (1.1.2)
    i18n (0.6.0)
    multi_json (1.0.3)
    rcov (0.9.10)
    rdoc (3.9.4)
    rspec (2.6.0)
      rspec-core (~> 2.6.0)
      rspec-expectations (~> 2.6.0)
      rspec-mocks (~> 2.6.0)
    rspec-core (2.6.4)
    rspec-expectations (2.6.0)
      diff-lcs (~> 1.1.2)
    rspec-mocks (2.6.0)
    thoughtbot-shoulda (2.11.1)

PLATFORMS
  ruby

DEPENDENCIES
  rcov
  rdoc
  rspec (>= 2.0)
  thoughtbot-shoulda
  zerigo_dns!
